PATH
  remote: .
  specs:
    filebound_client (0.4.4)
      httpi (~> 3.0.0)
      rubyntlm (~> 0.6.0)

GEM
  remote: https://rubygems.org/
  specs:
    ast (2.4.2)
    diff-lcs (1.5.0)
    httpi (3.0.1)
      rack
    jaro_winkler (1.5.4)
    parallel (1.22.1)
    parser (3.2.1.1)
      ast (~> 2.4.1)
    powerpack (0.1.3)
    rack (3.0.6.1)
    rainbow (3.1.1)
    rake (12.3.3)
    rspec (3.12.0)
      rspec-core (~> 3.12.0)
      rspec-expectations (~> 3.12.0)
      rspec-mocks (~> 3.12.0)
    rspec-core (3.12.1)
      rspec-support (~> 3.12.0)
    rspec-expectations (3.12.2)
      diff-lcs (>= 1.2.0, < 2.0)
      rspec-support (~> 3.12.0)
    rspec-mocks (3.12.4)
      diff-lcs (>= 1.2.0, < 2.0)
      rspec-support (~> 3.12.0)
    rspec-support (3.12.0)
    rubocop (0.58.2)
      jaro_winkler (~> 1.5.1)
      parallel (~> 1.10)
      parser (>= 2.5, != 2.5.1.1)
      powerpack (~> 0.1)
      rainbow (>= 2.2.2, < 4.0)
      ruby-progressbar (~> 1.7)
      unicode-display_width (~> 1.0, >= 1.0.1)
    ruby-progressbar (1.13.0)
    rubyntlm (0.6.3)
    unicode-display_width (1.8.0)
    yard (0.9.36)

PLATFORMS
  ruby

DEPENDENCIES
  bundler (>= 2.4.4)
  filebound_client!
  rake (~> 12.3.0)
  rspec (~> 3.0)
  rubocop (~> 0.58.2)
  yard (>= 0.9.20)

BUNDLED WITH
   2.4.4
